GEM
  remote: https://rubygems.org/
  specs:
    optparse (0.1.1)
    securerandom (0.1.0)

PLATFORMS
  ruby

DEPENDENCIES
  optparse (~> 0.1.1)
  securerandom (~> 0.1.0)

BUNDLED WITH
   2.2.3
